GIT
  remote: git://github.com/bitaculous/assetify.git
  revision: d1aa159795210871fad4aa6398cc0e41dd9b2a0b
  specs:
    assetify (0.8.3)
      sass (>= 3.2)
      sprockets (~> 2.12.1)

GIT
  remote: git://github.com/bitaculous/liquids.git
  revision: 6883818344dfbcafd44d0d723011d4c17d3d1703
  specs:
    liquids (0.0.1)
      locomotivecms-solid (~> 0.2.2.1)

GIT
  remote: git://github.com/bitaculous/vendorify.git
  revision: 933918238e286213ba673bb46b5c94368a28812b
  specs:
    vendorify (0.1.0)
      sass (>= 3.2)
      sprockets (~> 2.12.1)

GIT
  remote: git://github.com/compass/compass.git
  revision: 6ee0b9f16594e71de60c6d814a4f6d3798ffdf2a
  branch: master
  specs:
    compass (1.0.0.alpha.19)
      chunky_png (~> 1.2)
      compass-core (~> 1.0.0.alpha.19)
      compass-import-once (~> 1.0.4)
      rb-fsevent (>= 0.9.3)
      rb-inotify (>= 0.9)
      sass (>= 3.3.0, < 3.5)
    compass-core (1.0.0.alpha.19)
      multi_json (~> 1.0)
      sass (>= 3.3.0, < 3.5)
    compass-import-once (1.0.4)
      sass (>= 3.2, < 3.5)

PATH
  remote: ../locomotivecms/gems/mounter
  specs:
    locomotivecms_mounter (1.4.1)
      RedCloth (~> 4.2.3)
      activesupport (~> 3.2.18)
      chronic (~> 0.10.2)
      coffee-script (~> 2.2.0)
      colorize (~> 0.5.8)
      compass (>= 0.12)
      haml (~> 4.0.5)
      httmultiparty (= 0.3.10)
      i18n (~> 0.6.0)
      json (~> 1.8.0)
      less (~> 2.2.1)
      logger
      mime-types (~> 1.19)
      multi_json (~> 1.8.4)
      sass (>= 3.2)
      sprockets (~> 2.12.1)
      sprockets-sass (~> 1.1.0)
      stringex (~> 2.0.3)
      tilt (= 1.4.1)
      tzinfo (~> 0.3.29)
      zip (~> 2.0.2)

PATH
  remote: ../locomotivecms/wagon
  specs:
    locomotivecms_wagon (1.4.0)
      RedCloth (~> 4.2.8)
      activesupport (~> 3.2.11)
      better_errors (~> 1.0.1)
      dragonfly (~> 0.9.12)
      faker (~> 0.9.5)
      httmultiparty (= 0.3.10)
      listen (~> 2.4.0)
      locomotivecms-solid (~> 0.2.2.1)
      locomotivecms_mounter (~> 1.4.0)
      rack-cache (~> 1.1)
      redcarpet (~> 3.0.0)
      rubyzip (~> 1.1.0)
      thin (~> 1.6.1)
      thor
      will_paginate (~> 3.0.3)

GEM
  remote: https://rubygems.org/
  specs:
    RedCloth (4.2.9)
    activesupport (3.2.18)
      i18n (~> 0.6, >= 0.6.4)
      multi_json (~> 1.0)
    better_errors (1.0.1)
      coderay (>= 1.0.0)
      erubis (>= 2.6.6)
    bourbon (4.0.2)
      sass (~> 3.3)
      thor
    breakpoint (2.4.2)
      sass (~> 3.3.0)
      sassy-maps (< 1.0.0)
    celluloid (0.15.2)
      timers (~> 1.1.0)
    chronic (0.10.2)
    chunky_png (1.3.1)
    coderay (1.1.0)
    coffee-script (2.2.0)
      coffee-script-source
      execjs
    coffee-script-source (1.7.0)
    colorize (0.5.8)
    commonjs (0.2.7)
    daemons (1.1.9)
    dragonfly (0.9.15)
      multi_json (~> 1.0)
      rack
    erubis (2.7.0)
    eventmachine (1.0.3)
    execjs (2.2.0)
    faker (0.9.5)
      i18n (~> 0.4)
    ffi (1.9.3)
    haml (4.0.5)
      tilt
    hike (1.2.3)
    httmultiparty (0.3.10)
      httparty (>= 0.7.3)
      multipart-post
    httparty (0.13.1)
      json (~> 1.8)
      multi_xml (>= 0.5.2)
    i18n (0.6.9)
    json (1.8.1)
    kramdown (1.4.0)
    less (2.2.2)
      commonjs (~> 0.2.6)
    listen (2.4.1)
      celluloid (>= 0.15.2)
      rb-fsevent (>= 0.9.3)
      rb-inotify (>= 0.9)
    locomotivecms-liquid (2.6.0)
    locomotivecms-solid (0.2.2.1)
      locomotivecms-liquid (~> 2.6.0)
    logger (1.2.8)
    mime-types (1.25.1)
    modular-scale (2.0.5)
      compass (>= 0.12.0)
    multi_json (1.8.4)
    multi_xml (0.5.5)
    multipart-post (2.0.0)
    rack (1.5.2)
    rack-cache (1.2)
      rack (>= 0.4)
    rb-fsevent (0.9.4)
    rb-inotify (0.9.5)
      ffi (>= 0.5.0)
    redcarpet (3.0.0)
    rubyzip (1.1.4)
    sass (3.3.8)
    sassy-maps (0.4.0)
      sass (~> 3.3)
    sprockets (2.12.1)
      hike (~> 1.2)
      multi_json (~> 1.0)
      rack (~> 1.0)
      tilt (~> 1.1, != 1.3.0)
    sprockets-sass (1.1.0)
      sprockets (~> 2.0)
      tilt (~> 1.1)
    stringex (2.0.11)
    susy (2.1.2)
      sass (~> 3.3.0)
    thin (1.6.2)
      daemons (>= 1.0.9)
      eventmachine (>= 1.0.0)
      rack (>= 1.0.0)
    thor (0.19.1)
    tilt (1.4.1)
    timers (1.1.0)
    tzinfo (0.3.39)
    will_paginate (3.0.5)
    zip (2.0.2)

PLATFORMS
  ruby

DEPENDENCIES
  assetify!
  bourbon (~> 4.0.2)
  breakpoint (~> 2.4.2)
  compass!
  kramdown (~> 1.4)
  liquids!
  locomotivecms_mounter!
  locomotivecms_wagon!
  modular-scale (~> 2.0.5)
  rb-fsevent (~> 0.9.4)
  sassy-maps (~> 0.4.0)
  susy (~> 2.1.2)
  vendorify!
